GEM
  remote: https://rubygems.org/
  specs:
    cuba (3.8.0)
      rack (>= 1.6.0)
    foreman (0.82.0)
      thor (~> 0.19.1)
    puma (3.6.0)
    rack (2.0.1)
    thor (0.19.1)

PLATFORMS
  ruby

DEPENDENCIES
  cuba
  foreman
  puma

RUBY VERSION
   ruby 2.3.1p112

BUNDLED WITH
   1.12.5
